GEM
  remote: https://rubygems.org/
  specs:
    coderay (1.1.0)
    excon (0.45.4)
    formatador (0.2.5)
    handlebars (0.7.0)
      handlebars-source (~> 3.0.0)
      therubyracer (~> 0.12.1)
    handlebars-source (3.0.3)
    json (1.8.3)
    libv8 (3.16.14.13)
    mandrill-api (1.0.53)
      excon (>= 0.16.0, < 1.0)
      json (>= 1.7.7, < 2.0)
    mandrill-template-manager (0.2.2)
      formatador
      mandrill-api
      thor
      unicode
    method_source (0.8.2)
    mini_portile (0.6.2)
    nokogiri (1.6.6.2)
      mini_portile (~> 0.6.0)
    pry (0.10.3)
      coderay (~> 1.1.0)
      method_source (~> 0.8.1)
      slop (~> 3.4)
    rack (1.6.0)
    rack-protection (1.5.3)
      rack
    ref (2.0.0)
    sinatra (1.4.6)
      rack (~> 1.4)
      rack-protection (~> 1.4)
      tilt (>= 1.3, < 3)
    sinatra-flash (0.3.0)
      sinatra (>= 1.0.0)
    slop (3.6.0)
    therubyracer (0.12.2)
      libv8 (~> 3.16.14.0)
      ref
    thor (0.19.1)
    tilt (2.0.1)
    unicode (0.4.4.2)

PLATFORMS
  ruby

DEPENDENCIES
  handlebars
  mandrill-template-manager
  nokogiri
  pry
  sinatra
  sinatra-flash

BUNDLED WITH
   1.10.6
